GEM
  remote: https://rubygems.org/
  specs:
    graphql_schema (0.1.6)

PLATFORMS
  ruby

DEPENDENCIES
  graphql_schema (~> 0.1.0, != 0.1.3)

BUNDLED WITH
   1.13.6
